PATH
  remote: .
  specs:
    hazy (0.0.1pre)
      misty (~> 0.7.2)

GEM
  remote: https://rubygems.org/
  specs:
    json (2.1.0)
    minitest (5.10.3)
    misty (0.7.2)
      json (>= 1.8.3, < 3)
    rake (10.5.0)

PLATFORMS
  ruby

DEPENDENCIES
  bundler (~> 1.10)
  hazy!
  minitest (~> 5.10)
  rake (~> 10.0)

BUNDLED WITH
   1.15.4
